GIT
  remote: https://github.com/windwiny/debugger.git
  revision: e98dc5762a48ea280fe7b8de4325175076167fbc
  specs:
    debugger (1.4.0)
      columnize (>= 0.3.1)
      debugger-linecache (~> 1.1.1)
      debugger-ruby_core_source (~> 1.2.0)

GEM
  remote: https://rubygems.org/
  specs:
    columnize (0.3.6)
    debugger-linecache (1.1.2)
      debugger-ruby_core_source (>= 1.1.1)
    debugger-ruby_core_source (1.2.2)
    diff-lcs (1.2.4)
    faker (1.1.2)
      i18n (~> 0.5)
    i18n (0.6.4)
    rspec (2.13.0)
      rspec-core (~> 2.13.0)
      rspec-expectations (~> 2.13.0)
      rspec-mocks (~> 2.13.0)
    rspec-core (2.13.1)
    rspec-expectations (2.13.0)
      diff-lcs (>= 1.1.3, < 2.0)
    rspec-mocks (2.13.1)

PLATFORMS
  ruby

DEPENDENCIES
  debugger!
  faker
  rspec
